GEM
  remote: http://rubygems.org/
  specs:
    ap (0.1.1)
      httparty (>= 0.7.7)
    childprocess (0.2.2)
      ffi (~> 1.0.6)
    crack (0.1.8)
    diff-lcs (1.1.3)
    ffi (1.0.9)
    httparty (0.7.8)
      crack (= 0.1.8)
    json_pure (1.5.4)
      spruz (~> 0.2.8)
    rb-appscript (0.6.1)
    rspec (2.6.0)
      rspec-core (~> 2.6.0)
      rspec-expectations (~> 2.6.0)
      rspec-mocks (~> 2.6.0)
    rspec-core (2.6.4)
    rspec-expectations (2.6.0)
      diff-lcs (~> 1.1.2)
    rspec-mocks (2.6.0)
    ruby-prof (0.10.8)
    rubyzip (0.9.4)
    safariwatir (0.4.0)
      rb-appscript
    selenium-webdriver (2.5.0)
      childprocess (>= 0.2.1)
      ffi (>= 1.0.7)
      json_pure
      rubyzip
    spruz (0.2.13)
    watir-webdriver (0.3.3)
      selenium-webdriver (>= 0.2.2)
    watir-webdriver-performance (0.1.3)
      watir-webdriver
      watir-webdriver

PLATFORMS
  ruby

DEPENDENCIES
  ap
  rspec
  ruby-prof
  safariwatir
  watir-webdriver
  watir-webdriver-performance
